PATH
  remote: /home/hasumi/work/rabbit
  specs:
    rabbit (3.0.2)
      coderay (>= 1.0.0)
      faraday
      gdk_pixbuf2 (>= 3.0.9)
      gettext (>= 3.0.1)
      gtk3
      hikidoc
      kramdown-parser-gfm
      nokogiri
      poppler (>= 3.2.5)
      rdtool
      rouge
      rsvg2 (>= 3.1.4)
      rttool

GEM
  remote: https://rubygems.org/
  specs:
    atk (3.5.1)
      glib2 (= 3.5.1)
    cairo (1.17.5)
      native-package-installer (>= 1.0.3)
      pkg-config (>= 1.2.2)
      red-colors
    cairo-gobject (3.5.1)
      cairo (>= 1.16.2)
      glib2 (= 3.5.1)
    coderay (1.1.3)
    erubi (1.10.0)
    faraday (2.3.0)
      faraday-net_http (~> 2.0)
      ruby2_keywords (>= 0.0.4)
    faraday-net_http (2.0.3)
    fiddle (1.1.0)
    forwardable (1.3.2)
    gdk3 (3.5.1)
      cairo-gobject (= 3.5.1)
      gdk_pixbuf2 (= 3.5.1)
      pango (= 3.5.1)
    gdk_pixbuf2 (3.5.1)
      gio2 (= 3.5.1)
    gettext (3.4.3)
      erubi
      locale (>= 2.0.5)
      prime
      text (>= 1.3.0)
    gio2 (3.5.1)
      fiddle
      gobject-introspection (= 3.5.1)
    glib2 (3.5.1)
      native-package-installer (>= 1.0.3)
      pkg-config (>= 1.3.5)
    gobject-introspection (3.5.1)
      glib2 (= 3.5.1)
    gtk3 (3.5.1)
      atk (= 3.5.1)
      gdk3 (= 3.5.1)
      gdk_pixbuf2 (= 3.5.1)
      gio2 (= 3.5.1)
      pango (= 3.5.1)
    hikidoc (0.1.0)
    kramdown (2.4.0)
      rexml
    kramdown-parser-gfm (1.1.0)
      kramdown (~> 2.0)
    locale (2.1.3)
    matrix (0.4.2)
    mini_portile2 (2.8.0)
    native-package-installer (1.1.4)
    nokogiri (1.13.6)
      mini_portile2 (~> 2.8.0)
      racc (~> 1.4)
    pango (3.5.1)
      cairo-gobject (= 3.5.1)
      gobject-introspection (= 3.5.1)
    pkg-config (1.4.7)
    poppler (3.5.1)
      cairo-gobject (= 3.5.1)
      gio2 (= 3.5.1)
    prime (0.1.2)
      forwardable
      singleton
    racc (1.6.0)
    rake (13.0.6)
    rdtool (0.6.38)
    red-colors (0.3.0)
      matrix
    rexml (3.2.5)
    rouge (3.29.0)
    rsvg2 (3.5.1)
      cairo-gobject (= 3.5.1)
      gdk_pixbuf2 (= 3.5.1)
    rttool (1.0.3.0)
    ruby2_keywords (0.0.5)
    singleton (0.1.1)
    text (1.3.1)

PLATFORMS
  ruby

DEPENDENCIES
  rabbit!
  rake

BUNDLED WITH
   2.2.17
